PATH
  remote: .
  specs:
    lokap-trackable (0.0.2)
      lokap-verbs

GEM
  remote: https://rubygems.org/
  specs:
    activesupport (7.0.3.1)
      concurrent-ruby (~> 1.0, >= 1.0.2)
      i18n (>= 1.6, < 2)
      minitest (>= 5.1)
      tzinfo (~> 2.0)
    concurrent-ruby (1.1.10)
    github-markup (4.0.1)
    i18n (1.12.0)
      concurrent-ruby (~> 1.0)
    lokap-verbs (3.1.1)
      activesupport (>= 2.3.4)
      i18n
    minitest (5.16.2)
    rake (13.0.6)
    redcarpet (3.5.1)
    tzinfo (2.0.5)
      concurrent-ruby (~> 1.0)
    webrick (1.7.0)
    yard (0.9.28)
      webrick (~> 1.7.0)

PLATFORMS
  arm64-darwin-21

DEPENDENCIES
  github-markup
  lokap-trackable!
  lokap-verbs (~> 3.1.1)
  minitest (~> 5.0)
  rake (~> 13.0)
  redcarpet
  yard

BUNDLED WITH
   2.3.18
